RESTRICTION: || (== net46) (== netcoreapp2.0) (== netstandard2.0)
NUGET
  remote: https://www.nuget.org/api/v2
    FParsec (1.0.4-RC3)
      FSharp.Core (>= 4.0.0.1) - restriction: || (== net46) (&& (== netcoreapp2.0) (>= net40)) (&& (== netstandard2.0) (>= net40))
      FSharp.Core (>= 4.2.3) - restriction: || (&& (== net46) (< net40) (>= netstandard1.6)) (== netcoreapp2.0) (== netstandard2.0)
      NETStandard.Library (>= 1.6.1) - restriction: || (&& (== net46) (< net40) (>= netstandard1.6)) (== netcoreapp2.0) (== netstandard2.0)
    FSharp.Compiler.Service (2.0.0.6)
    FSharp.Core (4.3.4)
    FSharp.Formatting (2.14.4)
      FSharp.Compiler.Service (2.0.0.6)
      FSharpVSPowerTools.Core (>= 2.3 < 2.4)
    FSharpVSPowerTools.Core (2.3)
      FSharp.Compiler.Service (>= 2.0.0.3)
    FsLexYacc (8.0.1)
      FsLexYacc.Runtime (>= 8.0.1 < 8.1)
    FsLexYacc.Runtime (8.0.1)
      FSharp.Core (>= 4.3.4)
    Microsoft.NETCore.Platforms (2.2) - restriction: || (&& (== net46) (< net40) (>= netstandard1.6)) (&& (== net46) (< net40) (>= netstandard2.0)) (&& (== net46) (>= netcoreapp2.0)) (&& (== net46) (< netstandard1.0) (>= netstandard1.6) (>= win8)) (&& (== net46) (< netstandard1.3) (>= netstandard1.6) (>= wpa81)) (&& (== net46) (>= netstandard1.6) (>= uap10.0)) (&& (== net46) (>= netstandard1.6) (>= uap10.1)) (&& (== net46) (>= netstandard1.6) (>= wp8)) (== netcoreapp2.0) (== netstandard2.0)
    NETStandard.Library (2.0.3) - restriction: || (&& (== net46) (< net40) (>= netstandard1.6)) (== netcoreapp2.0) (== netstandard2.0)
      Microsoft.NETCore.Platforms (>= 1.1)
